PATH
  remote: .
  specs:
    rack_fake_s3 (0.2.3)
      builder
      mime-types
      rack
      thor

GEM
  remote: https://rubygems.org/
  specs:
    aws-s3 (0.6.2)
      builder
      mime-types
      xml-simple
    builder (3.0.0)
    mime-types (1.18)
    rack (3.0.9.1)
    rake (13.0.6)
    rest-client (1.6.7)
      mime-types (>= 1.16)
    right_aws (3.0.4)
      right_http_connection (>= 1.2.5)
    right_http_connection (1.3.0)
    thor (0.18.1)
    xml-simple (1.1.1)

PLATFORMS
  ruby

DEPENDENCIES
  aws-s3
  bundler (>= 1.0.0)
  rack_fake_s3!
  rake
  rest-client
  right_aws
